GEM
  remote: http://rubygems.org/
  specs:
    RedCloth (4.2.9)
    kgio (2.7.2)
    rack (1.4.1)
    raindrops (0.8.0)
    sinatra (1.2.6)
      rack (~> 1.1)
      tilt (>= 1.2.2, < 2.0)
    tilt (1.3.3)
    unicorn (4.2.0)
      kgio (~> 2.6)
      rack
      raindrops (~> 0.7)

PLATFORMS
  ruby

DEPENDENCIES
  RedCloth
  sinatra
  unicorn
